GEM
  remote: https://rubygems.org/
  specs:
    benchmark-ips (2.0.0)
    ruby-prof (0.15.1)

PLATFORMS
  ruby

DEPENDENCIES
  benchmark-ips
  ruby-prof
